{
	"ECGChannelCount": 0,
	"ECOGChannelCount": 0,
	"EEGChannelCount": 62,
	"EMGChannelCount": 0,
	"EOGChannelCount": 0,
	"EpochLength": 1770.733818,
	"MiscChannelCount": 0,
	"PowerLineFrequency": 50,
	"RecordingDuration": 1770.733818,
	"SEEGChannelCount": 0,
	"SamplingFrequency": 499.9994867,
	"SoftwareFilters": "n\/a",
	"TaskName": "ana2con",
	"TriggerChannelCount": 0,
	"iEEGReference": "n\/a"
}
