{
	"ECGChannelCount": 0,
	"ECOGChannelCount": 0,
	"EEGChannelCount": 84,
	"EMGChannelCount": 0,
	"EOGChannelCount": 0,
	"EpochLength": 2994.138147,
	"MiscChannelCount": 0,
	"PowerLineFrequency": 50,
	"RecordingDuration": 2994.138147,
	"SEEGChannelCount": 0,
	"SamplingFrequency": 499.9993075,
	"SoftwareFilters": "n\/a",
	"TaskName": "ana2con",
	"TriggerChannelCount": 0,
	"iEEGReference": "n\/a"
}
