{
	"ECGChannelCount": 0,
	"ECOGChannelCount": 0,
	"EEGChannelCount": 96,
	"EMGChannelCount": 0,
	"EOGChannelCount": 0,
	"EpochLength": 892.385412,
	"MiscChannelCount": 0,
	"PowerLineFrequency": 50,
	"RecordingDuration": 892.385412,
	"SEEGChannelCount": 0,
	"SamplingFrequency": 499.9992089,
	"SoftwareFilters": "n\/a",
	"TaskName": "ana2con",
	"TriggerChannelCount": 0,
	"iEEGReference": "n\/a"
}
