{
	"ECGChannelCount": 0,
	"ECOGChannelCount": 0,
	"EEGChannelCount": 130,
	"EMGChannelCount": 0,
	"EOGChannelCount": 0,
	"EpochLength": 2554,
	"MiscChannelCount": 0,
	"PowerLineFrequency": 50,
	"RecordingDuration": 2554,
	"SEEGChannelCount": 0,
	"SamplingFrequency": 500,
	"SoftwareFilters": "n\/a",
	"TaskName": "con2ana",
	"TriggerChannelCount": 0,
	"iEEGReference": "n\/a"
}
